GEM
  remote: https://rubygems.org/
  specs:
    celluloid (0.15.2)
      timers (~> 1.1.0)
    celluloid-io (0.15.0)
      celluloid (>= 0.15.0)
      nio4r (>= 0.5.0)
    gosu (0.8.3)
    nio4r (1.0.1)
    randexp (0.1.7)
    timers (1.1.0)

PLATFORMS
  ruby

DEPENDENCIES
  celluloid-io
  gosu (~> 0.8.2)
  randexp
